GEM
  remote: https://rubygems.org/
  specs:
    activesupport (7.0.6)
      concurrent-ruby (~> 1.0, >= 1.0.2)
      i18n (>= 1.6, < 2)
      minitest (>= 5.1)
      tzinfo (~> 2.0)
    addressable (2.4.0)
    coffee-script (2.4.1)
      coffee-script-source
      execjs
    coffee-script-source (1.12.2)
    colorator (1.1.0)
    concurrent-ruby (1.2.2)
    em-websocket (0.5.3)
      eventmachine (>= 0.12.9)
      http_parser.rb (~> 0)
    eventmachine (1.2.7)
    execjs (2.8.1)
    fastimage (1.8.1)
      addressable (~> 2.3, >= 2.3.5)
    ffi (1.15.5)
    forwardable-extended (2.6.0)
    gemoji (2.1.0)
    google-protobuf (3.23.3-x86_64-linux)
    hike (1.2.3)
    html-pipeline (2.14.3)
      activesupport (>= 2)
      nokogiri (>= 1.4)
    http_parser.rb (0.8.0)
    i18n (1.14.1)
      concurrent-ruby (~> 1.0)
    jekyll (4.3.2)
      addressable (~> 2.4)
      colorator (~> 1.0)
      em-websocket (~> 0.5)
      i18n (~> 1.0)
      jekyll-sass-converter (>= 2.0, < 4.0)
      jekyll-watch (~> 2.0)
      kramdown (~> 2.3, >= 2.3.1)
      kramdown-parser-gfm (~> 1.0)
      liquid (~> 4.0)
      mercenary (>= 0.3.6, < 0.5)
      pathutil (~> 0.9)
      rouge (>= 3.0, < 5.0)
      safe_yaml (~> 1.0)
      terminal-table (>= 1.8, < 4.0)
      webrick (~> 1.7)
    jekyll-assets (1.0.0)
      fastimage (~> 1.6)
      jekyll (>= 2)
      mini_magick (~> 4.1)
      sass (~> 3.2)
      sprockets (~> 2.10)
      sprockets-helpers
      sprockets-sass
    jekyll-coffeescript (1.2.2)
      coffee-script (~> 2.2)
      coffee-script-source (~> 1.12)
    jekyll-sass-converter (3.0.0)
      sass-embedded (~> 1.54)
    jekyll-sitemap (0.11.0)
      addressable (~> 2.4.0)
    jekyll-watch (2.2.1)
      listen (~> 3.0)
    jemoji (0.5.1)
      gemoji (~> 2.0)
      html-pipeline (~> 2.2)
      jekyll (>= 2.0)
    kramdown (2.4.0)
      rexml
    kramdown-parser-gfm (1.1.0)
      kramdown (~> 2.0)
    liquid (4.0.4)
    listen (3.8.0)
      rb-fsevent (~> 0.10, >= 0.10.3)
      rb-inotify (~> 0.9, >= 0.9.10)
    mercenary (0.3.6)
    mini_magick (4.12.0)
    minitest (5.18.1)
    multi_json (1.15.0)
    nokogiri (1.15.3-x86_64-linux)
      racc (~> 1.4)
    octopress (3.0.11)
      jekyll (>= 2.0)
      mercenary (~> 0.3.2)
      octopress-deploy
      octopress-escape-code (~> 2.0)
      octopress-hooks (~> 2.0)
      redcarpet (~> 3.0)
      titlecase
    octopress-deploy (1.3.0)
      colorator
    octopress-escape-code (2.0.6)
      octopress-hooks (~> 2.0)
    octopress-hooks (2.6.2)
      jekyll (>= 2.0)
    pathutil (0.16.2)
      forwardable-extended (~> 2.6)
    racc (1.7.1)
    rack (1.6.13)
    rb-fsevent (0.11.2)
    rb-inotify (0.10.1)
      ffi (~> 1.0)
    redcarpet (3.6.0)
    rexml (3.2.5)
    rouge (4.1.2)
    safe_yaml (1.0.5)
    sass (3.7.4)
      sass-listen (~> 4.0.0)
    sass-embedded (1.63.6-x86_64-linux-gnu)
      google-protobuf (~> 3.23)
    sass-listen (4.0.0)
      rb-fsevent (~> 0.9, >= 0.9.4)
      rb-inotify (~> 0.9, >= 0.9.7)
    sprockets (2.12.5)
      hike (~> 1.2)
      multi_json (~> 1.0)
      rack (~> 1.0)
      tilt (~> 1.1, != 1.3.0)
    sprockets-helpers (1.4.0)
      sprockets (>= 2.2)
    sprockets-sass (1.3.1)
      sprockets (~> 2.0)
      tilt (~> 1.1)
    terminal-table (3.0.2)
      unicode-display_width (>= 1.1.1, < 3)
    tilt (1.4.1)
    titlecase (0.1.1)
    tzinfo (2.0.6)
      concurrent-ruby (~> 1.0)
    unicode-display_width (2.4.2)
    webrick (1.8.1)
    yajl-ruby (1.4.3)

PLATFORMS
  x86_64-linux

DEPENDENCIES
  jekyll (> 2.5.3)
  jekyll-assets
  jekyll-coffeescript
  jekyll-sitemap
  jekyll-watch
  jemoji
  kramdown (>= 2.3.1)
  nokogiri (>= 1.11.4)
  octopress (~> 3.0)
  yajl-ruby (>= 1.4.3)

BUNDLED WITH
   2.4.10
